GEM
  remote: https://rubygems.org/
  specs:
    puma (2.15.3)
    rack (1.6.4)
    rack-rewrite (1.5.1)

PLATFORMS
  ruby

DEPENDENCIES
  puma
  rack
  rack-rewrite

BUNDLED WITH
   1.10.6
